GEM
  remote: https://rubygems.org/
  specs:
    ast (2.4.2)
    haml (6.0.12)
      temple (>= 0.8.2)
      thor
      tilt
    json (2.6.2)
    parallel (1.22.1)
    parser (3.1.3.0)
      ast (~> 2.4.1)
    prettier (3.2.2)
      syntax_tree (>= 2.7.1)
      syntax_tree-haml (>= 1.1.0)
      syntax_tree-rbs (>= 0.2.0)
    prettier_print (1.1.0)
    rainbow (3.1.1)
    rbs (2.8.1)
    regexp_parser (2.6.1)
    rexml (3.2.5)
    rubocop (1.39.0)
      json (~> 2.3)
      parallel (~> 1.10)
      parser (>= 3.1.2.1)
      rainbow (>= 2.2.2, < 4.0)
      regexp_parser (>= 1.8, < 3.0)
      rexml (>= 3.2.5, < 4.0)
      rubocop-ast (>= 1.23.0, < 2.0)
      ruby-progressbar (~> 1.7)
      unicode-display_width (>= 1.4.0, < 3.0)
    rubocop-ast (1.24.0)
      parser (>= 3.1.1.0)
    ruby-progressbar (1.11.0)
    syntax_tree (5.0.1)
      prettier_print (>= 1.1.0)
    syntax_tree-haml (2.0.0)
      haml (>= 5.2, != 6.0.0)
      prettier_print (>= 1.0.0)
      syntax_tree (>= 4.0.0)
    syntax_tree-rbs (0.5.1)
      prettier_print
      rbs
      syntax_tree (>= 2.0.1)
    temple (0.9.1)
    thor (1.2.1)
    tilt (2.0.11)
    unicode-display_width (2.3.0)

PLATFORMS
  arm64-darwin-22

DEPENDENCIES
  prettier (~> 3.2.2)
  rubocop (~> 1.38)

BUNDLED WITH
   2.3.26
